PATH
  remote: .
  specs:
    badass (0.1)
      authlogic (= 2.1.6)
      aws-s3 (= 0.6.2)
      bluecloth (= 2.0.11)
      grackle (= 0.1.10)
      gravatar (= 1.0)
      mysql2 (= 0.2.11)
      nokogiri (= 1.5.0)
      paperclip (= 2.3.11)
      rails (= 3.0.8)
      rake (= 0.8.7)
      rakismet (= 0.4.2)
      sass (= 3.1.2)
      will_paginate (= 2.3.15)

GEM
  remote: http://rubygems.org/
  specs:
    abstract (1.0.0)
    actionmailer (3.0.8)
      actionpack (= 3.0.8)
      mail (~> 2.2.19)
    actionpack (3.0.8)
      activemodel (= 3.0.8)
      activesupport (= 3.0.8)
      builder (~> 2.1.2)
      erubis (~> 2.6.6)
      i18n (~> 0.5.0)
      rack (~> 1.2.1)
      rack-mount (~> 0.6.14)
      rack-test (~> 0.5.7)
      tzinfo (~> 0.3.23)
    activemodel (3.0.8)
      activesupport (= 3.0.8)
      builder (~> 2.1.2)
      i18n (~> 0.5.0)
    activerecord (3.0.8)
      activemodel (= 3.0.8)
      activesupport (= 3.0.8)
      arel (~> 2.0.10)
      tzinfo (~> 0.3.23)
    activeresource (3.0.8)
      activemodel (= 3.0.8)
      activesupport (= 3.0.8)
    activesupport (3.0.8)
    arel (2.0.10)
    authlogic (2.1.6)
      activesupport
    aws-s3 (0.6.2)
      builder
      mime-types
      xml-simple
    bluecloth (2.0.11)
    builder (2.1.2)
    erubis (2.6.6)
      abstract (>= 1.0.0)
    grackle (0.1.10)
      json
      mime-types
      oauth
    gravatar (1.0)
    i18n (0.5.0)
    json (1.5.3)
    mail (2.2.19)
      activesupport (>= 2.3.6)
      i18n (>= 0.4.0)
      mime-types (~> 1.16)
      treetop (~> 1.4.8)
    mime-types (1.16)
    mysql2 (0.2.11)
    nokogiri (1.5.0)
    oauth (0.4.5)
    paperclip (2.3.11)
      activerecord (>= 2.3.0)
      activesupport (>= 2.3.2)
    polyglot (0.3.2)
    rack (1.2.3)
    rack-mount (0.6.14)
      rack (>= 1.0.0)
    rack-test (0.5.7)
      rack (>= 1.0)
    rails (3.0.8)
      actionmailer (= 3.0.8)
      actionpack (= 3.0.8)
      activerecord (= 3.0.8)
      activeresource (= 3.0.8)
      activesupport (= 3.0.8)
      bundler (~> 1.0)
      railties (= 3.0.8)
    railties (3.0.8)
      actionpack (= 3.0.8)
      activesupport (= 3.0.8)
      rake (>= 0.8.7)
      thor (~> 0.14.4)
    rake (0.8.7)
    rakismet (0.4.2)
    sass (3.1.2)
    thor (0.14.6)
    treetop (1.4.10)
      polyglot
      polyglot (>= 0.3.1)
    tzinfo (0.3.29)
    will_paginate (2.3.15)
    xml-simple (1.1.0)

PLATFORMS
  ruby

DEPENDENCIES
  authlogic (= 2.1.6)
  aws-s3 (= 0.6.2)
  badass!
  bluecloth (= 2.0.11)
  grackle (= 0.1.10)
  gravatar (= 1.0)
  mysql2 (= 0.2.11)
  nokogiri (= 1.5.0)
  paperclip (= 2.3.11)
  rails (= 3.0.8)
  rake (= 0.8.7)
  rakismet (= 0.4.2)
  sass (= 3.1.2)
  will_paginate (= 2.3.15)
