PATH
  remote: .
  specs:
    outlet (1.2.1)
      SystemTimer
      aasm (~> 2.2.0)
      activemerchant (~> 1.6.0)
      acts_as_list (~> 0.1.2)
      capistrano-ext
      capistrano-git-tags
      commander
      daemon-spawn (~> 0.3.0)
      delayed_job (~> 2.1.0.pre)
      deploytracking
      dragonfly (= 0.8.1)
      dynamic_form (~> 1.1.1)
      formtastic (~> 1.1.0.beta)
      friendly_id (~> 3.1.3)
      haml (~> 3.0.18)
      inherited_resources (~> 1.1.2)
      mysql2 (~> 0.2.3)
      rack-cache (~> 0.5.2)
      rails (~> 3.0.7)
      rake (= 0.8.7)
      rdiscount (~> 1.6.8)
      redis (~> 2.1.1)
      reevoo
      rmagick (= 2.12.2)
      sitemap_generator (~> 1.0.1)
      ssl_requirement (~> 0.1)
      thinking-sphinx (~> 2.0.0)
      uuidtools
      validation_reflection (~> 1.0.0.rc.1)
      whenever (~> 0.5.0)
      will_paginate (~> 3.0.pre2)

GEM
  remote: http://rubygems.org/
  specs:
    SystemTimer (1.2.3)
    aaronh-chronic (0.3.9)
    aasm (2.2.0)
    abstract (1.0.0)
    actionmailer (3.0.7)
      actionpack (= 3.0.7)
      mail (~> 2.2.15)
    actionpack (3.0.7)
      activemodel (= 3.0.7)
      activesupport (= 3.0.7)
      builder (~> 2.1.2)
      erubis (~> 2.6.6)
      i18n (~> 0.5.0)
      rack (~> 1.2.1)
      rack-mount (~> 0.6.14)
      rack-test (~> 0.5.7)
      tzinfo (~> 0.3.23)
    activemerchant (1.6.0)
      activesupport (>= 2.3.2)
      builder (>= 2.0.0)
    activemodel (3.0.7)
      activesupport (= 3.0.7)
      builder (~> 2.1.2)
      i18n (~> 0.5.0)
    activerecord (3.0.7)
      activemodel (= 3.0.7)
      activesupport (= 3.0.7)
      arel (~> 2.0.2)
      tzinfo (~> 0.3.23)
    activeresource (3.0.7)
      activemodel (= 3.0.7)
      activesupport (= 3.0.7)
    activesupport (3.0.7)
    acts_as_list (0.1.2)
    addressable (2.2.6)
    arel (2.0.10)
    babosa (0.2.2)
    builder (2.1.2)
    capistrano (2.6.0)
      highline
      net-scp (>= 1.0.0)
      net-sftp (>= 2.0.0)
      net-ssh (>= 2.0.14)
      net-ssh-gateway (>= 1.1.0)
    capistrano-ext (1.2.1)
      capistrano (>= 1.0.0)
    capistrano-git-tags (0.0.2)
      capistrano (>= 1.0.0)
    commander (4.0.4)
      highline (>= 1.5.0)
    crack (0.1.8)
    daemon-spawn (0.3.0)
    daemons (1.1.3)
    delayed_job (2.1.4)
      activesupport (~> 3.0)
      daemons
    deploytracking (0.1.0)
    dragonfly (0.8.1)
      rack
    dynamic_form (1.1.4)
    erubis (2.6.6)
      abstract (>= 1.0.0)
    faraday (0.5.7)
      addressable (~> 2.2.4)
      multipart-post (~> 1.1.0)
      rack (< 2, >= 1.1.0)
    formtastic (1.1.0)
      actionpack (>= 2.3.0)
      activesupport (>= 2.3.0)
      i18n (>= 0.4.0)
    friendly_id (3.1.8)
      babosa (~> 0.2.0)
    haml (3.0.25)
    has_scope (0.5.0)
    hashie (1.0.0)
    highline (1.6.2)
    i18n (0.5.0)
    inherited_resources (1.1.2)
      has_scope (~> 0.5.0)
      responders (~> 0.6.0)
    mail (2.2.19)
      activesupport (>= 2.3.6)
      i18n (>= 0.4.0)
      mime-types (~> 1.16)
      treetop (~> 1.4.8)
    mime-types (1.16)
    multipart-post (1.1.2)
    mysql2 (0.2.7)
    net-scp (1.0.4)
      net-ssh (>= 1.99.1)
    net-sftp (2.0.5)
      net-ssh (>= 2.0.9)
    net-ssh (2.1.4)
    net-ssh-gateway (1.1.0)
      net-ssh (>= 1.99.1)
    polyglot (0.3.1)
    rack (1.2.3)
    rack-cache (0.5.3)
      rack (>= 0.4)
    rack-mount (0.6.14)
      rack (>= 1.0.0)
    rack-test (0.5.7)
      rack (>= 1.0)
    rails (3.0.7)
      actionmailer (= 3.0.7)
      actionpack (= 3.0.7)
      activerecord (= 3.0.7)
      activeresource (= 3.0.7)
      activesupport (= 3.0.7)
      bundler (~> 1.0)
      railties (= 3.0.7)
    railties (3.0.7)
      actionpack (= 3.0.7)
      activesupport (= 3.0.7)
      rake (>= 0.8.7)
      thor (~> 0.14.4)
    rake (0.8.7)
    rdiscount (1.6.8)
    redis (2.1.1)
    reevoo (0.0.1)
      crack (~> 0.1.8)
      faraday (~> 0.5.7)
      hashie (~> 1.0.0)
    responders (0.6.4)
    riddle (1.3.3)
    rmagick (2.12.2)
    sitemap_generator (1.0.1)
    ssl_requirement (0.1.0)
    thinking-sphinx (2.0.5)
      activerecord (>= 3.0.3)
      riddle (>= 1.3.3)
    thor (0.14.6)
    thoughtbot-shoulda (2.11.1)
    treetop (1.4.9)
      polyglot (>= 0.3.1)
    tzinfo (0.3.27)
    uuidtools (2.1.2)
    validation_reflection (1.0.0)
    whenever (0.5.3)
      aaronh-chronic (>= 0.3.9)
      activesupport (>= 2.3.4)
    will_paginate (3.0.pre2)

PLATFORMS
  ruby

DEPENDENCIES
  outlet!
  thoughtbot-shoulda
